GEM
  remote: https://rubygems.org/
  specs:
    isaac (0.2.6)

PLATFORMS
  ruby

DEPENDENCIES
  isaac

BUNDLED WITH
   1.17.2
